GIT
  remote: git://github.com/NREL/OpenStudio-workflow-gem.git
  revision: 6c95fb95a92c3ebf1233219fd3bf89f493f71dab
  tag: 1.14.0.lts
  specs:
    openstudio-workflow (0.2.0)
      colored (~> 1.2)
      facter (>= 2.0)
      multi_json (~> 1.10.0)
      rubyXL (~> 3.3.0)
      rubyzip (~> 1.1.7)

GEM
  remote: http://rubygems.org/
  specs:
    activemodel (3.2.22.5)
      activesupport (= 3.2.22.5)
      builder (~> 3.0.0)
    activesupport (3.2.22.5)
      i18n (~> 0.6, >= 0.6.4)
      multi_json (~> 1.0)
    builder (3.0.4)
    climate_control (0.1.0)
    cocaine (0.5.8)
      climate_control (>= 0.0.3, < 1.0)
    colored (1.2)
    delayed_job (4.1.2)
      activesupport (>= 3.0, < 5.1)
    delayed_job_mongoid (2.3.0)
      delayed_job (>= 3.0, < 5)
      mongoid (>= 3.0, < 7)
      mongoid-compatibility (>= 0.4.0)
    dencity (0.1.0)
      faraday
      faraday_middleware
      hashie
      multi_json
      parallel
    facter (2.3.0)
    faraday (0.11.0)
      multipart-post (>= 1.2, < 3)
    faraday_middleware (0.11.0.1)
      faraday (>= 0.7.4, < 1.0)
    hashie (3.5.5)
    i18n (0.8.1)
    libxml-ruby (3.0.0)
    macaddr (1.7.1)
      systemu (~> 2.6.2)
    mime-types (3.1)
      mime-types-data (~> 3.2015)
    mime-types-data (3.2016.0521)
    mini_portile2 (2.1.0)
    mongoid (3.1.7)
      activemodel (~> 3.2)
      moped (~> 1.4)
      origin (~> 1.0)
      tzinfo (~> 0.3.29)
    mongoid-compatibility (0.4.1)
      activesupport
      mongoid (>= 2.0)
    mongoid-paperclip (0.0.11)
      mongoid
      paperclip (>= 2.3.6, != 4.3.0)
    moped (1.5.3)
    msgpack (1.1.0)
    multi_json (1.10.1)
    multipart-post (2.0.0)
    nokogiri (1.6.8.1)
      mini_portile2 (~> 2.1.0)
    oj (2.18.5)
    openstudio-standards (0.1.12)
    origin (1.1.0)
    os (1.0.0)
    paperclip (4.1.1)
      activemodel (>= 3.0.0)
      activesupport (>= 3.0.0)
      cocaine (~> 0.5.3)
      mime-types
    parallel (1.11.1)
    rserve-client (0.3.1)
    rserve-simpler (0.0.6)
      rserve-client (~> 0.3.0)
    ruby-prof (0.16.2)
    rubyXL (3.3.23)
      nokogiri (>= 1.4.4)
      rubyzip (>= 1.1.6)
    rubyzip (1.1.7)
    systemu (2.6.5)
    tzinfo (0.3.52)
    uuid (2.3.8)
      macaddr (~> 1.0)

PLATFORMS
  ruby

DEPENDENCIES
  delayed_job_mongoid (= 2.3.0)
  dencity (= 0.1.0)
  facter (= 2.3.0)
  libxml-ruby (= 3.0.0)
  mongoid (= 3.1.7)
  mongoid-paperclip (= 0.0.11)
  msgpack (= 1.1.0)
  multi_json (= 1.10.1)
  oj (= 2.18.5)
  openstudio-standards (= 0.1.12)
  openstudio-workflow!
  os (= 1.0.0)
  paperclip (= 4.1.1)
  parallel (= 1.11.1)
  rserve-simpler (= 0.0.6)
  ruby-prof (= 0.16.2)
  uuid (= 2.3.8)

RUBY VERSION
   ruby 2.0.0p481

BUNDLED WITH
   1.14.6
